GEM
  remote: https://rubygems.org/
  specs:
    review (2.3.0)
      rouge
      rubyzip
    rouge (3.0.0)
    rubyzip (1.2.1)

PLATFORMS
  ruby

DEPENDENCIES
  review

BUNDLED WITH
   1.15.4
